PATH
  remote: .
  specs:
    swagger_ui_engine (0.0.3)

GEM
  remote: https://rubygems.org/
  specs:

PLATFORMS
  ruby

DEPENDENCIES
  swagger_ui_engine!

BUNDLED WITH
   1.12.5
